REDIRECTS: ON
FRAMEWORK: >= NET46
NUGET
  remote: https://www.nuget.org/api/v2
    CassandraCSharpDriver (3.2.1)
      lz4net (>= 1.0.10.93)
      Microsoft.Extensions.Logging (>= 1.0)
      Microsoft.Extensions.Logging.Abstractions (>= 1.0)
    Fable.JsonConverter (0.1.1)
      FSharp.Core
      Newtonsoft.Json
    FsBunny (0.0.1)
      RabbitMQ.Client (>= 4.1.3)
    FsCassy (0.0.1)
      CassandraCSharpDriver (>= 3.2.1)
    FSharp.Core (4.1.17) - redirects: force
      System.ValueTuple (>= 4.3)
    FsPickler (3.2)
    FsShelter (0.0.11)
      FsPickler (>= 2.0)
      Google.Protobuf (>= 3.0.0-beta2)
      Newtonsoft.Json (>= 8.0.2)
      Thrift (>= 0.9.1.3)
    Google.Protobuf (3.3)
    lz4net (1.0.15.93)
    Microsoft.Extensions.DependencyInjection.Abstractions (1.1.1)
    Microsoft.Extensions.Logging (1.1.2)
      Microsoft.Extensions.DependencyInjection.Abstractions (>= 1.1.1)
      Microsoft.Extensions.Logging.Abstractions (>= 1.1.2)
      NETStandard.Library (>= 1.6.1)
    Microsoft.Extensions.Logging.Abstractions (1.1.2)
      NETStandard.Library (>= 1.6.1)
    Microsoft.Win32.Primitives (4.3)
    NETStandard.Library (1.6.1)
      Microsoft.Win32.Primitives (>= 4.3)
      System.AppContext (>= 4.3)
      System.Collections.Concurrent (>= 4.3)
      System.Console (>= 4.3)
      System.Diagnostics.Tracing (>= 4.3)
      System.Globalization.Calendars (>= 4.3)
      System.IO.Compression (>= 4.3)
      System.IO.Compression.ZipFile (>= 4.3)
      System.IO.FileSystem (>= 4.3)
      System.IO.FileSystem.Primitives (>= 4.3)
      System.Net.Http (>= 4.3)
      System.Net.Sockets (>= 4.3)
      System.Runtime.Handles (>= 4.3)
      System.Runtime.InteropServices (>= 4.3)
      System.Runtime.InteropServices.RuntimeInformation (>= 4.3)
      System.Runtime.Numerics (>= 4.3)
      System.Security.Cryptography.Algorithms (>= 4.3)
      System.Security.Cryptography.Encoding (>= 4.3)
      System.Security.Cryptography.Primitives (>= 4.3)
      System.Security.Cryptography.X509Certificates (>= 4.3)
      System.Threading.Timer (>= 4.3)
    Newtonsoft.Json (10.0.2)
    RabbitMQ.Client (4.1.3)
    System.AppContext (4.3)
    System.Collections.Concurrent (4.3)
    System.Console (4.3)
    System.Diagnostics.Tracing (4.3)
    System.Globalization.Calendars (4.3)
    System.IO (4.3) - framework: >= net463
    System.IO.Compression (4.3)
    System.IO.Compression.ZipFile (4.3)
    System.IO.FileSystem (4.3)
      System.IO.FileSystem.Primitives (>= 4.3)
    System.IO.FileSystem.Primitives (4.3)
    System.Net.Http (4.3.2)
      System.Security.Cryptography.X509Certificates (>= 4.3)
    System.Net.Sockets (4.3)
    System.Runtime (4.3)
    System.Runtime.Handles (4.3)
    System.Runtime.InteropServices (4.3)
      System.Runtime (>= 4.3) - framework: >= net462
    System.Runtime.InteropServices.RuntimeInformation (4.3)
    System.Runtime.Numerics (4.3)
    System.Security.Cryptography.Algorithms (4.3)
      System.IO (>= 4.3) - framework: >= net463
      System.Runtime (>= 4.3) - framework: >= net463
      System.Security.Cryptography.Encoding (>= 4.3) - framework: >= net463
      System.Security.Cryptography.Primitives (>= 4.3) - framework: net46, net461, >= net463
    System.Security.Cryptography.Encoding (4.3)
    System.Security.Cryptography.Primitives (4.3)
    System.Security.Cryptography.X509Certificates (4.3)
      System.Security.Cryptography.Algorithms (>= 4.3)
      System.Security.Cryptography.Encoding (>= 4.3)
    System.Threading.Timer (4.3)
    System.ValueTuple (4.3.1) - redirects: force
    Thrift (0.9.1.3)

GROUP Build
FRAMEWORK: NET46
NUGET
  remote: https://www.nuget.org/api/v2
    Argu (3.7)
    FAKE (4.61.2)
    FSharp.Compiler.Service (2.0.0.6)
    FSharp.Core (4.1.17) - redirects: force
      System.ValueTuple (>= 4.3)
    FSharp.Formatting (2.14.4)
      FSharp.Compiler.Service (2.0.0.6)
      FSharpVSPowerTools.Core (>= 2.3 < 2.4)
    FSharpVSPowerTools.Core (2.3)
      FSharp.Compiler.Service (>= 2.0.0.3)
    Octokit (0.24)
    SourceLink.Fake (1.1)
    System.ValueTuple (4.3.1) - redirects: force
GITHUB
  remote: fsharp/FAKE
    modules/Octokit/Octokit.fsx (43917109af4ef38194d8993215c3e7c862b19d36)
      Octokit (>= 0.20)
GROUP Tests
NUGET
  remote: https://www.nuget.org/api/v2
    NUnit (2.6.4)
    NUnit.Runners (2.6.4)
    Unquote (3.2)
